PATH
  remote: .
  specs:
    starscope (1.0.3)
      oj (~> 2.7)
      parser (~> 2.1)
      ruby-progressbar (~> 1.4)

GEM
  remote: https://rubygems.org/
  specs:
    ast (1.1.0)
    coderay (1.1.0)
    method_source (0.8.2)
    minitest (5.3.3)
    oj (2.7.3)
    parser (2.1.8)
      ast (~> 1.1)
      slop (~> 3.4, >= 3.4.5)
    pry (0.9.12.6)
      coderay (~> 1.0)
      method_source (~> 0.8)
      slop (~> 3.4)
    rake (10.2.2)
    ruby-progressbar (1.4.2)
    slop (3.5.0)

PLATFORMS
  ruby

DEPENDENCIES
  bundler (~> 1.5)
  minitest
  pry
  rake
  starscope!
