PATH
  remote: .
  specs:
    starscope (0.1.9)
      oj (~> 2.5)
      parser (~> 2.1)
      ruby-progressbar (~> 1.4)

GEM
  remote: https://rubygems.org/
  specs:
    ast (1.1.0)
    coderay (1.1.0)
    columnize (0.3.6)
    debugger (1.6.5)
      columnize (>= 0.3.1)
      debugger-linecache (~> 1.2.0)
      debugger-ruby_core_source (~> 1.3.1)
    debugger-linecache (1.2.0)
    debugger-ruby_core_source (1.3.1)
    method_source (0.8.2)
    oj (2.5.5)
    parser (2.1.4)
      ast (~> 1.1)
      slop (~> 3.4, >= 3.4.5)
    pry (0.9.12.6)
      coderay (~> 1.0)
      method_source (~> 0.8)
      slop (~> 3.4)
    pry-debugger (0.2.2)
      debugger (~> 1.3)
      pry (~> 0.9.10)
    rake (10.1.1)
    ruby-progressbar (1.4.1)
    slop (3.4.7)

PLATFORMS
  ruby

DEPENDENCIES
  bundler (~> 1.5)
  pry
  pry-debugger
  rake
  starscope!
