PATH
  remote: .
  specs:
    starscope (1.3.0.alpha1)
      backports (~> 3.6)
      oj (~> 2.9)
      parser (~> 2.1)
      ruby-progressbar (~> 1.5)

GEM
  remote: https://rubygems.org/
  specs:
    ast (2.0.0)
    backports (3.6.2)
    coderay (1.1.0)
    metaclass (0.0.4)
    method_source (0.8.2)
    minitest (5.4.2)
    mocha (1.1.0)
      metaclass (~> 0.0.1)
    oj (2.10.2)
    parser (2.1.9)
      ast (>= 1.1, < 3.0)
      slop (~> 3.4, >= 3.4.5)
    pry (0.10.1)
      coderay (~> 1.1.0)
      method_source (~> 0.8.1)
      slop (~> 3.4)
    rake (10.3.2)
    ruby-progressbar (1.6.0)
    slop (3.6.0)

PLATFORMS
  ruby

DEPENDENCIES
  bundler (~> 1.5)
  minitest
  mocha
  pry
  rake
  starscope!
