GEM
  remote: https://rubygems.org/
  specs:
    ast (1.0.2)
    coderay (1.0.9)
    method_source (0.8.1)
    parser (1.4.1)
      ast (~> 1.0)
      slop (~> 3.4)
    pry (0.9.12.2)
      coderay (~> 1.0.5)
      method_source (~> 0.8)
      slop (~> 3.4)
    rake (10.0.4)
    slop (3.4.5)

PLATFORMS
  ruby

DEPENDENCIES
  bundler (~> 1.3)
  parser
  pry
  rake
